GIT
  remote: git://github.com/daitss/datyl.git
  revision: 426c36df31f415632daf31f1194d5aeb3e1008de
  specs:
    datyl (0.1.4)

GIT
  remote: https://github.com/net-ssh/net-ssh
  revision: 329485ab81f3b69697ac1723043369c37a99ea2f
  specs:
    net-ssh (2.8.1)

PATH
  remote: .
  specs:
    daitss (2.17.18)

GEM
  remote: http://rubygems.org/
  specs:
    addressable (2.3.6)
    bcrypt (3.1.7)
    bcrypt-ruby (3.1.5)
      bcrypt (>= 3.1.3)
    builder (3.2.2)
    capistrano (3.2.0)
      i18n
      rake (>= 10.0.0)
      sshkit (~> 1.3)
    capistrano-bundler (1.1.2)
      capistrano (~> 3.0)
      sshkit (~> 1.2)
    columnize (0.8.9)
    cucumber (1.1.0)
      builder (>= 2.1.2)
      diff-lcs (>= 1.1.2)
      gherkin (~> 2.5.0)
      json (>= 1.4.6)
      term-ansicolor (>= 1.0.6)
    curb (0.8.5)
    daemons (1.1.9)
    data_mapper (1.2.0)
      dm-aggregates (~> 1.2.0)
      dm-constraints (~> 1.2.0)
      dm-core (~> 1.2.0)
      dm-migrations (~> 1.2.0)
      dm-serializer (~> 1.2.0)
      dm-timestamps (~> 1.2.0)
      dm-transactions (~> 1.2.0)
      dm-types (~> 1.2.0)
      dm-validations (~> 1.2.0)
    data_objects (0.10.14)
      addressable (~> 2.1)
    debugger (1.6.6)
      columnize (>= 0.3.1)
      debugger-linecache (~> 1.2.0)
      debugger-ruby_core_source (~> 1.3.2)
    debugger-linecache (1.2.0)
    debugger-ruby_core_source (1.3.2)
    diff-lcs (1.2.5)
    dm-adjust (1.2.0)
      dm-core (~> 1.2.0)
    dm-aggregates (1.2.0)
      dm-core (~> 1.2.0)
    dm-constraints (1.2.0)
      dm-core (~> 1.2.0)
    dm-core (1.2.1)
      addressable (~> 2.3)
    dm-do-adapter (1.2.0)
      data_objects (~> 0.10.6)
      dm-core (~> 1.2.0)
    dm-is-list (1.2.0)
      dm-adjust (~> 1.2.0)
    dm-migrations (1.2.0)
      dm-core (~> 1.2.0)
    dm-postgres-adapter (1.2.0)
      dm-do-adapter (~> 1.2.0)
      do_postgres (~> 0.10.6)
    dm-serializer (1.2.2)
      dm-core (~> 1.2.0)
      fastercsv (~> 1.5)
      json (~> 1.6)
      json_pure (~> 1.6)
      multi_json (~> 1.0)
    dm-timestamps (1.2.0)
      dm-core (~> 1.2.0)
    dm-transactions (1.2.0)
      dm-core (~> 1.2.0)
    dm-types (1.2.2)
      bcrypt-ruby (~> 3.0)
      dm-core (~> 1.2.0)
      fastercsv (~> 1.5)
      json (~> 1.6)
      multi_json (~> 1.0)
      stringex (~> 1.4)
      uuidtools (~> 2.1)
    dm-validations (1.2.0)
      dm-core (~> 1.2.0)
    do_postgres (0.10.14)
      data_objects (= 0.10.14)
    eventmachine (1.0.3)
    fastercsv (1.5.5)
    fuubar (1.3.2)
      rspec (>= 2.14.0, < 3.1.0)
      ruby-progressbar (~> 1.3)
    gherkin (2.5.4)
      json (>= 1.4.6)
    haml (4.0.5)
      tilt
    i18n (0.6.9)
    json (1.8.1)
    json_pure (1.8.1)
    libxml-ruby (2.7.0)
    log4r (1.1.10)
    macaddr (1.7.1)
      systemu (~> 2.6.2)
    multi_json (1.9.2)
    net-scp (1.2.0)
      net-ssh (>= 2.6.5)
    nokogiri (1.5.11)
    rack (1.5.2)
    rack-protection (1.5.3)
      rack
    rack-ssl-enforcer (0.2.6)
    rack-test (0.6.2)
      rack (>= 1.0)
    rake (10.3.1)
    rjb (1.4.9)
    rspec (2.14.1)
      rspec-core (~> 2.14.0)
      rspec-expectations (~> 2.14.0)
      rspec-mocks (~> 2.14.0)
    rspec-core (2.14.8)
    rspec-expectations (2.14.5)
      diff-lcs (>= 1.1.3, < 2.0)
    rspec-mocks (2.14.6)
    ruby-prof (0.14.2)
    ruby-progressbar (1.4.2)
    sass (3.3.5)
    selenium-client (1.2.18)
    semver (1.0.1)
    sinatra (1.4.5)
      rack (~> 1.4)
      rack-protection (~> 1.4)
      tilt (~> 1.3, >= 1.3.4)
    sshkit (1.4.0)
      net-scp (>= 1.1.2)
      net-ssh (>= 2.8.0)
      term-ansicolor
    stringex (1.5.1)
    sys-proctable (0.9.4)
    systemu (2.6.4)
    term-ansicolor (1.3.0)
      tins (~> 1.0)
    thin (1.6.2)
      daemons (>= 1.0.9)
      eventmachine (>= 1.0.0)
      rack (>= 1.0.0)
    thor (0.19.1)
    tilt (1.4.1)
    tins (1.1.0)
    uuid (2.3.7)
      macaddr (~> 1.0)
    uuidtools (2.1.4)
    webrat (0.7.3)
      nokogiri (>= 1.2.0)
      rack (>= 1.0)
      rack-test (>= 0.5.3)

PLATFORMS
  ruby

DEPENDENCIES
  capistrano
  capistrano-bundler
  cucumber (= 1.1.0)
  curb
  daitss!
  data_mapper (>= 1.2.0)
  datyl!
  debugger
  dm-is-list
  dm-postgres-adapter
  fuubar
  haml
  libxml-ruby
  log4r
  net-ssh (~> 2.8.1)!
  nokogiri (~> 1.5.10)
  rack-ssl-enforcer
  rack-test
  rake
  rjb
  rspec
  ruby-prof
  sass
  selenium-client
  semver
  sinatra
  sshkit
  sys-proctable
  thin
  thor
  uuid
  webrat
